PATH
  remote: .
  specs:
    styledown (1.0.1.pre.0)
      execjs

GEM
  remote: https://rubygems.org/
  specs:
    execjs (2.2.1)
    rake (10.3.2)

PLATFORMS
  ruby

DEPENDENCIES
  rake
  styledown!
